GEM
  remote: https://rubygems.org/
  specs:
    haml (3.1.7)
    hashie (1.2.0)
    httparty (0.9.0)
      multi_json (~> 1.0)
      multi_xml
    multi_json (1.5.0)
    multi_xml (0.5.1)
    nokogiri (1.5.6)
    nokogiri (1.5.6-x86-mingw32)
    oauth (0.4.7)
    omniauth (1.1.1)
      hashie (~> 1.2)
      rack
    omniauth-oauth (1.0.1)
      oauth
      omniauth (~> 1.0)
    rack (1.4.3)
    rack-protection (1.3.2)
      rack
    sequel (3.43.0)
    sinatra (1.3.3)
      rack (~> 1.3, >= 1.3.6)
      rack-protection (~> 1.2)
      tilt (~> 1.3, >= 1.3.3)
    snoo (0.1.1)
      httparty
      nokogiri
    tilt (1.3.3)

PLATFORMS
  x86-mingw32

DEPENDENCIES
  haml
  omniauth
  omniauth-oauth
  sequel
  sinatra
  snoo
